GIT
  remote: git://github.com/prawnpdf/prawn.git
  revision: a427193a294dca48d8a420b1512ec291c7db25cf
  submodules: true
  specs:
    prawn (0.14.0)
      pdf-reader (~> 1.2)
      ruby-rc4
      ttfunk (~> 1.0.3)

GIT
  remote: git://github.com/rweng/jquery-datatables-rails.git
  revision: 44b0448193d4856847e47fb2a245bdd51a4bb2fa
  specs:
    jquery-datatables-rails (1.12.2)
      jquery-rails

GEM
  remote: https://rubygems.org/
  specs:
    Ascii85 (1.0.2)
    actionmailer (3.2.15)
      actionpack (= 3.2.15)
      mail (~> 2.5.4)
    actionpack (3.2.15)
      activemodel (= 3.2.15)
      activesupport (= 3.2.15)
      builder (~> 3.0.0)
      erubis (~> 2.7.0)
      journey (~> 1.0.4)
      rack (~> 1.4.5)
      rack-cache (~> 1.2)
      rack-test (~> 0.6.1)
      sprockets (~> 2.2.1)
    activemodel (3.2.15)
      activesupport (= 3.2.15)
      builder (~> 3.0.0)
    activerecord (3.2.15)
      activemodel (= 3.2.15)
      activesupport (= 3.2.15)
      arel (~> 3.0.2)
      tzinfo (~> 0.3.29)
    activeresource (3.2.15)
      activemodel (= 3.2.15)
      activesupport (= 3.2.15)
    activesupport (3.2.15)
      i18n (~> 0.6, >= 0.6.4)
      multi_json (~> 1.0)
    addressable (2.3.5)
    afm (0.2.0)
    arel (3.0.3)
    barby (0.5.1)
    better_errors (1.1.0)
      coderay (>= 1.0.0)
      erubis (>= 2.6.6)
    binding_of_caller (0.7.2)
      debug_inspector (>= 0.0.1)
    bson (1.9.2)
    bson_ext (1.9.2)
      bson (~> 1.9.2)
    builder (3.0.4)
    cancan (1.6.10)
    capybara (2.2.1)
      mime-types (>= 1.16)
      nokogiri (>= 1.3.3)
      rack (>= 1.0.0)
      rack-test (>= 0.5.4)
      xpath (~> 2.0)
    carrierwave (0.9.0)
      activemodel (>= 3.2.0)
      activesupport (>= 3.2.0)
      json (>= 1.7)
    carrierwave-mongoid (0.6.3)
      carrierwave (>= 0.8.0, < 0.10.0)
      mongoid (>= 3.0, < 5.0)
      mongoid-grid_fs (~> 1.3)
    chartkick (1.2.1)
    chosen-rails (1.0.2)
      coffee-rails (>= 3.2)
      compass-rails (>= 1.1.2)
      railties (>= 3.0)
      sass-rails (>= 3.2)
    chronic (0.10.2)
    chunky_png (1.2.9)
    coderay (1.1.0)
    coffee-rails (3.2.2)
      coffee-script (>= 2.2.0)
      railties (~> 3.2.0)
    coffee-script (2.2.0)
      coffee-script-source
      execjs
    coffee-script-source (1.6.3)
    compass (0.12.2)
      chunky_png (~> 1.2)
      fssm (>= 0.2.7)
      sass (~> 3.1)
    compass-rails (1.1.3)
      compass (>= 0.12.2)
    cucumber (1.3.10)
      builder (>= 2.1.2)
      diff-lcs (>= 1.1.3)
      gherkin (~> 2.12)
      multi_json (>= 1.7.5, < 2.0)
      multi_test (>= 0.0.2)
    cucumber-rails (1.4.0)
      capybara (>= 1.1.2)
      cucumber (>= 1.2.0)
      nokogiri (>= 1.5.0)
      rails (>= 3.0.0)
    daemons (1.1.9)
    debug_inspector (0.0.2)
    debugger-linecache (1.2.0)
    delayed_job (4.0.0)
      activesupport (>= 3.0, < 4.1)
    delayed_job_active_record (4.0.0)
      activerecord (>= 3.0, < 4.1)
      delayed_job (>= 3.0, < 4.1)
    delayed_job_web (1.2.1)
      activerecord (> 3.0.0)
      delayed_job (> 2.0.3)
      haml (>= 3.1.3)
      rdoc
      sinatra (>= 0.9.2)
    diff-lcs (1.2.5)
    erubis (2.7.0)
    execjs (2.0.2)
    factory_girl (4.3.0)
      activesupport (>= 3.0.0)
    factory_girl_rails (4.3.0)
      factory_girl (~> 4.3.0)
      railties (>= 3.0.0)
    fssm (0.2.10)
    geocoder (1.1.9)
    gherkin (2.12.2)
      multi_json (~> 1.3)
    haml (4.0.5)
      tilt
    haml-rails (0.4)
      actionpack (>= 3.1, < 4.1)
      activesupport (>= 3.1, < 4.1)
      haml (>= 3.1, < 4.1)
      railties (>= 3.1, < 4.1)
    has_barcode (0.2.3)
      activesupport (>= 3)
      barby
      i18n
      rake
    hashery (2.1.1)
    hike (1.2.3)
    i18n (0.6.9)
    journey (1.0.4)
    jquery-rails (3.0.4)
      railties (>= 3.0, < 5.0)
      thor (>= 0.14, < 2.0)
    jquery-ui-rails (4.1.1)
      railties (>= 3.1.0)
    json (1.8.1)
    kaminari (0.15.0)
      actionpack (>= 3.0.0)
      activesupport (>= 3.0.0)
    launchy (2.4.2)
      addressable (~> 2.3)
    libv8 (3.16.14.3)
    mail (2.5.4)
      mime-types (~> 1.16)
      treetop (~> 1.4.8)
    mime-types (1.25.1)
    mini_magick (3.7.0)
      subexec (~> 0.2.1)
    mini_portile (0.5.2)
    money (6.0.0)
      i18n (~> 0.6.4)
    money-rails (0.9.0)
      activesupport (>= 3.0)
      money (~> 6.0.0)
      railties (>= 3.0)
    mongoid (3.1.6)
      activemodel (~> 3.2)
      moped (~> 1.4)
      origin (~> 1.0)
      tzinfo (~> 0.3.29)
    mongoid-grid_fs (1.9.0)
      mime-types (~> 1.19)
      mongoid (~> 3.0)
    moped (1.5.1)
    multi_json (1.8.4)
    multi_test (0.0.3)
    mysql2 (0.3.14)
    nokogiri (1.6.1)
      mini_portile (~> 0.5.0)
    normalize-rails (2.1.3)
    origin (1.1.0)
    pdf-reader (1.3.3)
      Ascii85 (~> 1.0.0)
      afm (~> 0.2.0)
      hashery (~> 2.0)
      ruby-rc4
      ttfunk
    polyamorous (0.6.4)
      activerecord (>= 3.0)
    polyglot (0.3.3)
    prawnto_2 (0.2.6)
      prawn (>= 0.6.0)
      rails (>= 3.1)
    rabl (0.9.3)
      activesupport (>= 2.3.14)
    rack (1.4.5)
    rack-cache (1.2)
      rack (>= 0.4)
    rack-protection (1.5.1)
      rack
    rack-ssl (1.3.3)
      rack
    rack-test (0.6.2)
      rack (>= 1.0)
    rails (3.2.15)
      actionmailer (= 3.2.15)
      actionpack (= 3.2.15)
      activerecord (= 3.2.15)
      activeresource (= 3.2.15)
      activesupport (= 3.2.15)
      bundler (~> 1.0)
      railties (= 3.2.15)
    rails_warden (0.5.7)
      warden (>= 1.0.0)
    railties (3.2.15)
      actionpack (= 3.2.15)
      activesupport (= 3.2.15)
      rack-ssl (~> 1.3.2)
      rake (>= 0.8.7)
      rdoc (~> 3.4)
      thor (>= 0.14.6, < 2.0)
    rake (10.1.1)
    rdoc (3.12.2)
      json (~> 1.4)
    ref (1.0.5)
    rspec-core (2.14.7)
    rspec-expectations (2.14.4)
      diff-lcs (>= 1.1.3, < 2.0)
    rspec-mocks (2.14.4)
    rspec-rails (2.14.1)
      actionpack (>= 3.0)
      activemodel (>= 3.0)
      activesupport (>= 3.0)
      railties (>= 3.0)
      rspec-core (~> 2.14.0)
      rspec-expectations (~> 2.14.0)
      rspec-mocks (~> 2.14.0)
    ruby-rc4 (0.1.5)
    russian (0.6.0)
      i18n (>= 0.5.0)
    sass (3.2.13)
    sass-rails (3.2.6)
      railties (~> 3.2.0)
      sass (>= 3.1.10)
      tilt (~> 1.3)
    select2-rails (3.5.2)
      thor (~> 0.14)
    settingslogic (2.0.9)
    sinatra (1.4.4)
      rack (~> 1.4)
      rack-protection (~> 1.4)
      tilt (~> 1.3, >= 1.3.4)
    sprockets (2.2.2)
      hike (~> 1.2)
      multi_json (~> 1.0)
      rack (~> 1.0)
      tilt (~> 1.1, != 1.3.0)
    squeel (1.1.1)
      activerecord (>= 3.0)
      activesupport (>= 3.0)
      polyamorous (~> 0.6.0)
    state_machine (1.2.0)
    state_machine-audit_trail (0.1.7)
      state_machine
    subexec (0.2.3)
    tenacity (0.6.0)
      activesupport (>= 2.3)
    therubyracer (0.12.0)
      libv8 (~> 3.16.14.0)
      ref
    thor (0.18.1)
    tilt (1.4.1)
    treetop (1.4.15)
      polyglot
      polyglot (>= 0.3.1)
    ttfunk (1.0.3)
    tzinfo (0.3.38)
    uglifier (2.4.0)
      execjs (>= 0.3.0)
      json (>= 1.8.0)
    warden (1.2.3)
      rack (>= 1.0)
    whenever (0.9.0)
      activesupport (>= 2.3.4)
      chronic (>= 0.6.3)
    xpath (2.0.0)
      nokogiri (~> 1.3)

PLATFORMS
  ruby

DEPENDENCIES
  barby
  better_errors
  binding_of_caller
  bson_ext (>= 1.3.0)
  cancan
  capybara (>= 0.4.1.2)
  carrierwave-mongoid
  chartkick
  chosen-rails
  coffee-rails (~> 3.2.1)
  cucumber-rails (>= 0.4.1)
  daemons
  debugger-linecache
  delayed_job_active_record
  delayed_job_web
  factory_girl_rails (>= 1.1.beta1)
  geocoder
  haml-rails
  has_barcode
  jquery-datatables-rails!
  jquery-rails
  jquery-ui-rails
  kaminari
  launchy (>= 0.4.0)
  mini_magick
  money-rails
  mysql2
  normalize-rails
  prawn!
  prawnto_2
  rabl
  rails (= 3.2.15)
  rails_warden
  rspec-rails
  russian
  sass-rails (~> 3.2.3)
  select2-rails
  settingslogic
  squeel
  state_machine
  state_machine-audit_trail
  tenacity
  therubyracer
  uglifier (>= 1.0.3)
  whenever
